GEM
  remote: http://rubygems.org/
  specs:
    rainbow (2.0.0)
    sass (3.3.5)
    scss-lint (0.23.1)
      rainbow (~> 2.0)
      sass (~> 3.3.0)

PLATFORMS
  ruby

DEPENDENCIES
  sass (~> 3.3)
  scss-lint (~> 0.23)
